GEM
  remote: https://rubygems.org/
  specs:
    activesupport (4.2.7)
      i18n (~> 0.7)
      json (~> 1.7, >= 1.7.7)
      minitest (~> 5.1)
      thread_safe (~> 0.3, >= 0.3.4)
      tzinfo (~> 1.1)
    addressable (2.5.0)
      public_suffix (~> 2.0, >= 2.0.2)
    colorator (1.1.0)
    ffi (1.9.17)
    ffi (1.9.17-x64-mingw32)
    forwardable-extended (2.6.0)
    gemoji (3.0.0)
    html-pipeline (2.5.0)
      activesupport (>= 2)
      nokogiri (>= 1.4)
    i18n (0.8.0)
    jekyll (3.4.0)
      addressable (~> 2.4)
      colorator (~> 1.0)
      jekyll-sass-converter (~> 1.0)
      jekyll-watch (~> 1.1)
      kramdown (~> 1.3)
      liquid (~> 3.0)
      mercenary (~> 0.3.3)
      pathutil (~> 0.9)
      rouge (~> 1.7)
      safe_yaml (~> 1.0)
    jekyll-optional-front-matter (0.1.2)
      jekyll (~> 3.0)
    jekyll-readme-index (0.0.4)
      jekyll (~> 3.0)
    jekyll-relative-links (0.3.0)
      jekyll (~> 3.3)
    jekyll-sass-converter (1.5.0)
      sass (~> 3.4)
    jekyll-watch (1.5.0)
      listen (~> 3.0, < 3.1)
    jemoji (0.8.0)
      activesupport (~> 4.0)
      gemoji (~> 3.0)
      html-pipeline (~> 2.2)
      jekyll (>= 3.0)
    json (1.8.6)
    kramdown (1.11.1)
    liquid (3.0.6)
    listen (3.0.6)
      rb-fsevent (>= 0.9.3)
      rb-inotify (>= 0.9.7)
    mercenary (0.3.6)
    mini_portile2 (2.1.0)
    minitest (5.10.1)
    nokogiri (1.6.8.1)
      mini_portile2 (~> 2.1.0)
    nokogiri (1.6.8.1-x64-mingw32)
      mini_portile2 (~> 2.1.0)
    pathutil (0.14.0)
      forwardable-extended (~> 2.6)
    public_suffix (2.0.5)
    rb-fsevent (0.9.8)
    rb-inotify (0.9.8)
      ffi (>= 0.5.0)
    rouge (1.11.1)
    safe_yaml (1.0.4)
    sass (3.4.23)
    thread_safe (0.3.5)
    tzinfo (1.2.2)
      thread_safe (~> 0.1)
    tzinfo-data (1.2016.10)
      tzinfo (>= 1.0.0)

PLATFORMS
  ruby
  x64-mingw32

DEPENDENCIES
  jekyll (= 3.4.0)
  jekyll-optional-front-matter (~> 0.1.2)
  jekyll-readme-index (~> 0.0.4)
  jekyll-relative-links (~> 0.3.0)
  jemoji (~> 0.8.0)
  tzinfo-data

RUBY VERSION
   ruby 2.2.4p230

BUNDLED WITH
   1.14.6
